GEM
  remote: https://rubygems.org/
  specs:
    progressbar (1.13.0)

PLATFORMS
  java
  ruby

DEPENDENCIES
  progressbar

BUNDLED WITH
   1.17.3
